GEM
  remote: https://rubygems.org/
  specs:
    cairo (1.12.6)
      pkg-config
    mecab-modern (0.0.2)
    mecab-mora (0.0.5)
      mecab-modern (>= 0.0.2)
    pkg-config (1.1.4)
    rack (1.5.2)
    rack-protection (1.5.1)
      rack
    rack-test (0.6.2)
      rack (>= 1.0)
    rr (1.1.2)
    shogi_koma (0.0.3)
      cairo
    sinatra (1.4.4)
      rack (~> 1.4)
      rack-protection (~> 1.4)
      tilt (~> 1.3, >= 1.3.4)
    test-unit (2.5.5)
    test-unit-notify (1.0.1)
      test-unit (>= 2.4.9)
    test-unit-rr (1.0.3)
      rr (>= 1.1.1)
      test-unit (>= 2.5.2)
    tilt (1.4.1)

PLATFORMS
  ruby

DEPENDENCIES
  mecab-mora
  rack-test
  shogi_koma
  sinatra
  test-unit
  test-unit-notify
  test-unit-rr
