GEM
  remote: https://rubygems.org/
  specs:
    backports (3.4.0)
    cairo (1.12.8)
      pkg-config
    fontdock (0.0.2)
      pango
      thor
    glib2 (2.1.0)
      pkg-config
    mecab-modern (0.0.2)
    mecab-mora (0.0.5)
      mecab-modern (>= 0.0.2)
    multi_json (1.8.2)
    pango (2.1.0)
      cairo (>= 1.12.5)
      glib2 (= 2.1.0)
    pkg-config (1.1.5)
    rack (1.5.2)
    rack-protection (1.5.1)
      rack
    rack-test (0.6.2)
      rack (>= 1.0)
    rr (1.1.2)
    shogi_koma (0.0.4)
      cairo
      fontdock
    sinatra (1.4.4)
      rack (~> 1.4)
      rack-protection (~> 1.4)
      tilt (~> 1.3, >= 1.3.4)
    sinatra-contrib (1.4.2)
      backports (>= 2.0)
      multi_json
      rack-protection
      rack-test
      sinatra (~> 1.4.0)
      tilt (~> 1.3)
    tanka_renderer (0.0.1)
      cairo
      fontdock (>= 0.0.2)
      pango
    test-unit (2.5.5)
    test-unit-notify (1.0.1)
      test-unit (>= 2.4.9)
    test-unit-rr (1.0.3)
      rr (>= 1.1.1)
      test-unit (>= 2.5.2)
    thor (0.18.1)
    tilt (1.4.1)

PLATFORMS
  ruby

DEPENDENCIES
  mecab-mora
  rack-test
  shogi_koma (>= 0.0.4)
  sinatra
  sinatra-contrib
  tanka_renderer
  test-unit
  test-unit-notify
  test-unit-rr
